GIT
  remote: https://github.com/sinatra/sinatra.git
  revision: cf404526373298f06a59e1a129b6cdf8282ae216
  specs:
    rack-protection (2.1.0)
      rack
    sinatra (2.1.0)
      mustermann (~> 1.0)
      rack (~> 2.2)
      rack-protection (= 2.1.0)
      tilt (~> 2.0)

GEM
  remote: https://rubygems.org/
  specs:
    mustermann (1.1.1)
      ruby2_keywords (~> 0.0.1)
    rack (2.2.6.3)
    ruby2_keywords (0.0.4)
    tilt (2.0.10)

PLATFORMS
  x86_64-darwin-20
  x86_64-linux

DEPENDENCIES
  sinatra!

RUBY VERSION
   ruby 2.6.5p114

BUNDLED WITH
   2.2.15
